{
	"Modality": "MR",
	"MagneticFieldStrength": 7.05413,
	"ImagingFrequency": 300.337,
	"Manufacturer": "Bruker",
	"ManufacturersModelName": "BioSpec70/30",
	"InstitutionName": "Ruhr-University",
	"DeviceSerialNumber": "10019844",
	"PatientPosition": "HFS",
	"SoftwareVersions": "ParaVision Acquisition 6.0.1\\ParaVision 6.0.1",
	"MRAcquisitionType": "3D",
	"ProtocolName": "4_1_2_anatomical_3d_highres_MB",
	"ScanningSequence": "RM",
	"SequenceVariant": "SP",
	"ScanOptions": "SP",
	"SequenceName": "Bruker:RARE",
	"ImageType": ["ORIGINAL", "PRIMARY", "OTHER"],
	"SeriesNumber": 100001,
	"AcquisitionTime": "11:40:19.000000",
	"AcquisitionNumber": 1,
	"SliceThickness": 0.194805,
	"SpacingBetweenSlices": 0.194805,
	"EchoTime": 0.040076,
	"RepetitionTime": 2,
	"FlipAngle": 90,
	"PercentPhaseFOV": 100,
	"EchoTrainLength": 16,
	"PhaseEncodingSteps": 128,
	"AcquisitionMatrixPE": 128,
	"ReconMatrixPE": 128,
	"PixelBandwidth": 585.938,
	"PhaseEncodingAxis": "j",
	"ImageOrientationPatientDICOM": [
		0.999695,
		-0.017444,
		0.0174534,
		0.022956,
		0.397977,
		-0.917108	],
	"InPlanePhaseEncodingDirectionDICOM": "COL",
	"ConversionSoftware": "dcm2niix",
	"ConversionSoftwareVersion": "v1.0.20220720"
}
