{
	"Modality": "MR",
	"MagneticFieldStrength": 7.05413,
	"ImagingFrequency": 300.337,
	"Manufacturer": "Bruker",
	"ManufacturersModelName": "BioSpec70/30",
	"InstitutionName": "Ruhr-University",
	"DeviceSerialNumber": "10019844",
	"PatientPosition": "HFS",
	"SoftwareVersions": "ParaVision Acquisition 6.0.1\\ParaVision 6.0.1",
	"MRAcquisitionType": "2D",
	"ProtocolName": "3_1_RARE_fmri_standard_CalculatedPuls_MB",
	"ScanningSequence": "RM",
	"SequenceVariant": "SP",
	"ScanOptions": "SP\\PFP",
	"SequenceName": "User:xhRareTrig",
	"TaskName": "sleep",
	"ImageType": ["ORIGINAL", "PRIMARY", "OTHER"],
	"SeriesNumber": 60001,
	"AcquisitionTime": "13:27:27.000000",
	"AcquisitionNumber": 1,
	"ImageComments": "The dataset was not acquired by a BRUKER PVM method. \nSome DICOM attributes may be incorrect!",
	"SliceThickness": 1,
	"SpacingBetweenSlices": 1,
	"EchoTime": 0.04158,
	"RepetitionTime": 4,
	"FlipAngle": 90,
	"PercentPhaseFOV": 100,
	"EchoTrainLength": 42,
	"PhaseEncodingSteps": 42,
	"AcquisitionMatrixPE": 42,
	"ReconMatrixPE": 64,
	"PixelBandwidth": 781.25,
	"PhaseEncodingAxis": "j",
	"ImageOrientationPatientDICOM": [
		0.998591,
		0.00872654,
		-0.052334,
		-0.0527338,
		0.271877,
		-0.960886	],
	"InPlanePhaseEncodingDirectionDICOM": "COL",
	"ConversionSoftware": "dcm2niix",
	"ConversionSoftwareVersion": "v1.0.20220720"
}
