{
	"Modality": "MR",
	"MagneticFieldStrength": 7.05412,
	"ImagingFrequency": 300.336,
	"Manufacturer": "Bruker",
	"ManufacturersModelName": "BioSpec70/30",
	"InstitutionName": "Ruhr-University",
	"DeviceSerialNumber": "10019844",
	"PatientPosition": "HFS",
	"SoftwareVersions": "ParaVision Acquisition 6.0.1\\ParaVision 6.0.1",
	"MRAcquisitionType": "2D",
	"ProtocolName": "T2_TurboRARE_highres",
	"ScanningSequence": "RM",
	"SequenceVariant": "SP",
	"ScanOptions": "SP",
	"SequenceName": "Bruker:RARE",
	"ImageType": ["ORIGINAL", "PRIMARY", "OTHER"],
	"SeriesNumber": 140001,
	"AcquisitionTime": "10:43:22.000000",
	"AcquisitionNumber": 1,
	"SliceThickness": 0.4,
	"SpacingBetweenSlices": 0.4,
	"NumberOfAverages": 8,
	"EchoTime": 0.042,
	"RepetitionTime": 10,
	"FlipAngle": 90,
	"PercentPhaseFOV": 100,
	"EchoTrainLength": 16,
	"PhaseEncodingSteps": 112,
	"AcquisitionMatrixPE": 112,
	"ReconMatrixPE": 150,
	"PixelBandwidth": 438.596,
	"PhaseEncodingAxis": "j",
	"ImageOrientationPatientDICOM": [
		0.998896,
		0.0174524,
		-0.0436127,
		-0.0456121,
		0.582371,
		-0.811643	],
	"InPlanePhaseEncodingDirectionDICOM": "COL",
	"ConversionSoftware": "dcm2niix",
	"ConversionSoftwareVersion": "v1.0.20220720"
}
